GIT
  remote: git://github.com/sproutcore/abbot.git
  revision: 3e0d18d4299f9e17c8e3b7e8ae4d1f1b67f072dc
  specs:
    sproutcore (1.5.0.rc.2)
      chunky_png (~> 1.1.0)
      compass (~> 0.10.5)
      erubis (~> 2.6.6)
      eventmachine (>= 0.12.10)
      extlib (~> 0.9.15)
      haml (~> 3.0.24)
      json_pure (~> 1.4.6)
      rack (~> 1.2.1)
      thin (= 1.2.8)
      thor (~> 0.14.3)

GEM
  remote: http://rubygems.org/
  specs:
    abstract (1.0.0)
    chunky_png (1.1.0)
    compass (0.10.6)
      haml (>= 3.0.4)
    daemons (1.1.2)
    erubis (2.6.6)
      abstract (>= 1.0.0)
    eventmachine (0.12.10)
    extlib (0.9.15)
    haml (3.0.25)
    json_pure (1.4.6)
    rack (1.2.2)
    thin (1.2.8)
      daemons (>= 1.0.9)
      eventmachine (>= 0.12.6)
      rack (>= 1.0.0)
    thor (0.14.6)

PLATFORMS
  ruby

DEPENDENCIES
  sproutcore!
